GEM
  remote: http://rubygems.org/
  specs:
    diff-lcs (1.1.2)
    rake (0.9.1)
    rdoc (3.6.1)
    rspec (2.6.0)
      rspec-core (~> 2.6.0)
      rspec-expectations (~> 2.6.0)
      rspec-mocks (~> 2.6.0)
    rspec-core (2.6.3)
    rspec-expectations (2.6.0)
      diff-lcs (~> 1.1.2)
    rspec-mocks (2.6.0)
    syntax (1.0.0)

PLATFORMS
  ruby

DEPENDENCIES
  rake
  rdoc
  rspec
  syntax (>= 1.0.0)
